GEM
  remote: https://rubygems.org/
  specs:
    git (1.2.5)
    jeweler (1.5.0.pre2)
      bundler (>= 1.0.0.rc.5)
      git (>= 1.2.5)
      rake
    mechanize (1.0.0)
      nokogiri (>= 1.2.1)
    nokogiri (1.4.3.1)
    rake (0.8.7)
    rdiscount (1.6.5)
    rspec (1.3.0)
    uri-query_params (0.4.0)
    yard (0.6.1)

PLATFORMS
  ruby

DEPENDENCIES
  jeweler (~> 1.5.0.pre)
  mechanize (~> 1.0.0)
  rake (~> 0.8.7)
  rdiscount (~> 1.6.3)
  rspec (~> 1.3.0)
  uri-query_params (~> 0.4.0)
  yard (~> 0.6.0)
